GEM
  remote: https://rubygems.org/
  specs:
    activesupport (5.0.1)
      concurrent-ruby (~> 1.0, >= 1.0.2)
      i18n (~> 0.7)
      minitest (~> 5.1)
      tzinfo (~> 1.1)
    builder (3.2.4)
    concurrent-ruby (1.1.9)
    hps (2.3.2)
      activesupport (>= 2.3.14, <= 5.0.1)
      builder (>= 2.1.2, < 4.0.0)
    i18n (0.9.5)
      concurrent-ruby (~> 1.0)
    minitest (5.14.4)
    rake (13.0.6)
    thread_safe (0.3.6)
    tzinfo (1.2.9)
      thread_safe (~> 0.1)

PLATFORMS
  ruby

DEPENDENCIES
  hps
  rake

RUBY VERSION
   ruby 2.6.3p62

BUNDLED WITH
   1.17.2
